GIT
  remote: git://github.com/bbatsov/rubocop.git
  revision: 9cf9c3c91446e4602ce825f24ab21e536e2e7fee
  ref: 9cf9c3c91446e4602ce825f24ab21e536e2e7fee
  specs:
    rubocop (0.40.0)
      parser (>= 2.3.1.1, < 3.0)
      powerpack (~> 0.1)
      rainbow (>= 1.99.1, < 3.0)
      ruby-progressbar (~> 1.7)
      unicode-display_width (~> 1.0, >= 1.0.1)

GEM
  remote: https://rubygems.org/
  specs:
    ast (2.2.0)
    parser (2.3.1.2)
      ast (~> 2.2)
    powerpack (0.1.1)
    rainbow (2.1.0)
    ruby-progressbar (1.8.1)
    unicode-display_width (1.0.5)

PLATFORMS
  ruby

DEPENDENCIES
  rubocop!

BUNDLED WITH
   1.11.2
